FRAMEWORK: NET461
NUGET
  remote: https://api.nuget.org/v3/index.json
    Expression.Blend.Sdk (1.0.2)
    FSharp.Charting (0.90.14)
    FSharp.Collections.ParallelSeq (1.0.2)
    FSharp.Control.AsyncSeq (2.0.10)
    FSharp.Control.Reactive (3.5)
      System.Reactive (>= 3.0)
    FSharp.ViewModule.Core (0.9.9.3)
    FsXaml.Wpf (2.2)
    PerfUtil (0.1.8)
    System.Reactive (3.1.1)
      System.Reactive.PlatformServices (>= 3.1.1)
      System.Reactive.Windows.Threading (>= 3.1.1)
    System.Reactive.Core (3.1.1)
      System.Reactive.Interfaces (>= 3.1.1)
    System.Reactive.Interfaces (3.1.1)
    System.Reactive.Linq (3.1.1)
      System.Reactive.Core (>= 3.1.1)
    System.Reactive.PlatformServices (3.1.1)
      System.Reactive.Linq (>= 3.1.1)
    System.Reactive.Windows.Threading (3.1.1)
      System.Reactive.Core (>= 3.1.1)
